GEM
  remote: https://rubygems.org/
  specs:
    genregen (0.0.8)
    haml (6.0.1)
      temple (>= 0.8.2)
      thor
      tilt
    mustermann (3.0.0)
      ruby2_keywords (~> 0.0.1)
    rack (2.2.4)
    rack-protection (3.0.0)
      rack
    ruby2_keywords (0.0.5)
    sinatra (3.0.0)
      mustermann (~> 3.0)
      rack (~> 2.2, >= 2.2.4)
      rack-protection (= 3.0.0)
      tilt (~> 2.0)
    temple (0.8.2)
    thor (1.2.1)
    tilt (2.0.11)

PLATFORMS
  ruby

DEPENDENCIES
  genregen
  haml
  sinatra

BUNDLED WITH
   1.16.2
